GEM
  remote: https://rubygems.org/
  specs:
    benchmark-malloc (0.2.0)
    benchmark-perf (0.6.0)
    benchmark-trend (0.4.0)
    coderay (1.1.3)
    diff-lcs (1.4.4)
    memory_profiler (1.0.0)
    method_source (1.0.0)
    minitest (5.15.0)
    oj (3.13.11)
    pry (0.14.1)
      coderay (~> 1.1)
      method_source (~> 1.0)
    rspec (3.10.0)
      rspec-core (~> 3.10.0)
      rspec-expectations (~> 3.10.0)
      rspec-mocks (~> 3.10.0)
    rspec-benchmark (0.6.0)
      benchmark-malloc (~> 0.2)
      benchmark-perf (~> 0.6)
      benchmark-trend (~> 0.4)
      rspec (>= 3.0)
    rspec-core (3.10.0)
      rspec-support (~> 3.10.0)
    rspec-expectations (3.10.0)
      diff-lcs (>= 1.2.0, < 2.0)
      rspec-support (~> 3.10.0)
    rspec-mocks (3.10.0)
      diff-lcs (>= 1.2.0, < 2.0)
      rspec-support (~> 3.10.0)
    rspec-support (3.10.0)
    ruby-prof (1.4.3)
    stackprof (0.2.19)

PLATFORMS
  x86_64-linux

DEPENDENCIES
  memory_profiler
  minitest
  oj
  pry
  rspec-benchmark
  ruby-prof
  stackprof

RUBY VERSION
   ruby 3.0.0p0

BUNDLED WITH
   2.2.30
