GEM
  remote: https://rubygems.org/
  specs:
    coderay (1.1.2)
    highline (2.0.2)
    json (2.1.0)
    method_source (0.9.2)
    oj (3.9.1)
    options (2.3.2)
    progress_bar (1.3.0)
      highline (>= 1.6, < 3)
      options (~> 2.3.0)
    pry (0.12.2)
      coderay (~> 1.1.0)
      method_source (~> 0.9.0)

PLATFORMS
  ruby

DEPENDENCIES
  json
  oj
  progress_bar
  pry

BUNDLED WITH
   1.17.2
