GEM
  remote: https://rubygems.org/
  specs:
    benchmark (0.2.1)
    benchmark-malloc (0.2.0)
    benchmark-perf (0.6.0)
    benchmark-trend (0.4.0)
    byebug (11.1.3)
    diff-lcs (1.5.0)
    json (2.6.3)
    memory_profiler (1.0.1)
    oj (3.14.2)
    rspec (3.12.0)
      rspec-core (~> 3.12.0)
      rspec-expectations (~> 3.12.0)
      rspec-mocks (~> 3.12.0)
    rspec-benchmark (0.6.0)
      benchmark-malloc (~> 0.2)
      benchmark-perf (~> 0.6)
      benchmark-trend (~> 0.4)
      rspec (>= 3.0)
    rspec-core (3.12.1)
      rspec-support (~> 3.12.0)
    rspec-expectations (3.12.2)
      diff-lcs (>= 1.2.0, < 2.0)
      rspec-support (~> 3.12.0)
    rspec-mocks (3.12.5)
      diff-lcs (>= 1.2.0, < 2.0)
      rspec-support (~> 3.12.0)
    rspec-support (3.12.0)
    ruby-prof (1.6.1)
    ruby-progressbar (1.11.0)
    stackprof (0.2.23)

PLATFORMS
  x86_64-darwin-21

DEPENDENCIES
  benchmark
  byebug
  json
  memory_profiler
  oj
  rspec
  rspec-benchmark
  ruby-prof
  ruby-progressbar
  stackprof

RUBY VERSION
   ruby 3.2.0p0

BUNDLED WITH
   2.4.1
