GEM
  remote: https://rubygems.org/
  specs:
    benchmark-ips (2.8.4)
    diff-lcs (1.4.4)
    kalibera (0.1.1)
      memoist (~> 0.11.0)
      rbzip2 (~> 0.2.0)
    memoist (0.11.0)
    memory_profiler (1.0.0)
    rbzip2 (0.2.0)
    rspec (3.10.0)
      rspec-core (~> 3.10.0)
      rspec-expectations (~> 3.10.0)
      rspec-mocks (~> 3.10.0)
    rspec-core (3.10.1)
      rspec-support (~> 3.10.0)
    rspec-expectations (3.10.1)
      diff-lcs (>= 1.2.0, < 2.0)
      rspec-support (~> 3.10.0)
    rspec-mocks (3.10.2)
      diff-lcs (>= 1.2.0, < 2.0)
      rspec-support (~> 3.10.0)
    rspec-support (3.10.2)
    ruby-prof (1.4.3)
    stackprof (0.2.16)

PLATFORMS
  ruby

DEPENDENCIES
  benchmark-ips
  kalibera
  memory_profiler
  rspec
  ruby-prof
  stackprof

BUNDLED WITH
   2.2.16
