GEM
  remote: https://rubygems.org/
  specs:
    highline (2.0.3)
    oj (3.13.13)
    options (2.3.2)
    progress_bar (1.3.3)
      highline (>= 1.6, < 3)
      options (~> 2.3.0)

PLATFORMS
  ruby

DEPENDENCIES
  oj
  progress_bar

BUNDLED WITH
   1.17.2
