GEM
  remote: https://rubygems.org/
  specs:
    ast (2.4.1)
    benchmark (0.1.0)
    byebug (11.1.3)
    colorize (0.8.1)
    fasterer (0.8.3)
      colorize (~> 0.7)
      ruby_parser (>= 3.14.1)
    minitest (5.14.2)
    parallel (1.19.2)
    parser (2.7.2.0)
      ast (~> 2.4.1)
    rainbow (3.0.0)
    regexp_parser (1.8.2)
    rexml (3.2.4)
    rubocop (0.93.1)
      parallel (~> 1.10)
      parser (>= 2.7.1.5)
      rainbow (>= 2.2.2, < 4.0)
      regexp_parser (>= 1.8)
      rexml
      rubocop-ast (>= 0.6.0)
      ruby-progressbar (~> 1.7)
      unicode-display_width (>= 1.4.0, < 2.0)
    rubocop-ast (0.8.0)
      parser (>= 2.7.1.5)
    rubocop-performance (1.8.1)
      rubocop (>= 0.87.0)
      rubocop-ast (>= 0.4.0)
    ruby-prof (1.4.1)
    ruby-progressbar (1.10.1)
    ruby_parser (3.15.0)
      sexp_processor (~> 4.9)
    sexp_processor (4.15.1)
    stackprof (0.2.15)
    unicode-display_width (1.7.0)

PLATFORMS
  ruby

DEPENDENCIES
  benchmark (= 0.1.0)
  byebug (= 11.1.3)
  fasterer (= 0.8.3)
  minitest (= 5.14.2)
  rubocop
  rubocop-performance
  ruby-prof (= 1.4.1)
  stackprof (= 0.2.15)

RUBY VERSION
   ruby 2.7.1p83

BUNDLED WITH
   2.1.4
