GEM
  remote: https://rubygems.org/
  specs:
    ast (2.4.1)
    benchmark (0.1.0)
    benchmark-malloc (0.2.0)
    benchmark-memory (0.1.2)
      memory_profiler (~> 0.9)
    benchmark-perf (0.6.0)
    benchmark-trend (0.4.0)
    byebug (11.1.3)
    coderay (1.1.3)
    colorize (0.8.1)
    diff-lcs (1.4.4)
    fasterer (0.8.3)
      colorize (~> 0.7)
      ruby_parser (>= 3.14.1)
    memory_profiler (0.9.14)
    method_source (1.0.0)
    minitest (5.14.2)
    oj (3.10.14)
    parallel (1.19.2)
    parser (2.7.2.0)
      ast (~> 2.4.1)
    pry (0.13.1)
      coderay (~> 1.1)
      method_source (~> 1.0)
    rainbow (3.0.0)
    regexp_parser (1.8.2)
    rexml (3.2.4)
    rspec (3.9.0)
      rspec-core (~> 3.9.0)
      rspec-expectations (~> 3.9.0)
      rspec-mocks (~> 3.9.0)
    rspec-benchmark (0.6.0)
      benchmark-malloc (~> 0.2)
      benchmark-perf (~> 0.6)
      benchmark-trend (~> 0.4)
      rspec (>= 3.0)
    rspec-core (3.9.3)
      rspec-support (~> 3.9.3)
    rspec-expectations (3.9.2)
      diff-lcs (>= 1.2.0, < 2.0)
      rspec-support (~> 3.9.0)
    rspec-mocks (3.9.1)
      diff-lcs (>= 1.2.0, < 2.0)
      rspec-support (~> 3.9.0)
    rspec-support (3.9.3)
    rubocop (0.93.1)
      parallel (~> 1.10)
      parser (>= 2.7.1.5)
      rainbow (>= 2.2.2, < 4.0)
      regexp_parser (>= 1.8)
      rexml
      rubocop-ast (>= 0.6.0)
      ruby-progressbar (~> 1.7)
      unicode-display_width (>= 1.4.0, < 2.0)
    rubocop-ast (0.8.0)
      parser (>= 2.7.1.5)
    rubocop-performance (1.8.1)
      rubocop (>= 0.87.0)
      rubocop-ast (>= 0.4.0)
    ruby-prof (1.4.1)
    ruby-progressbar (1.10.1)
    ruby_parser (3.15.0)
      sexp_processor (~> 4.9)
    sexp_processor (4.15.1)
    stackprof (0.2.15)
    unicode-display_width (1.7.0)

PLATFORMS
  ruby

DEPENDENCIES
  benchmark (= 0.1.0)
  benchmark-memory
  byebug (= 11.1.3)
  fasterer (= 0.8.3)
  memory_profiler
  minitest (= 5.14.2)
  oj
  pry
  rspec
  rspec-benchmark
  rubocop
  rubocop-performance
  ruby-prof (= 1.4.1)
  ruby-progressbar (~> 1.10, >= 1.10.1)
  stackprof (= 0.2.15)

RUBY VERSION
   ruby 2.7.1p83

BUNDLED WITH
   2.1.4
