GEM
  remote: https://rubygems.org/
  specs:
    benchmark-malloc (0.2.0)
    benchmark-perf (0.6.0)
    benchmark-trend (0.4.0)
    coderay (1.1.3)
    date (3.3.3)
    diff-lcs (1.5.0)
    json (2.6.3)
    json-write-stream (2.0.0)
      json_pure (~> 1.8.0)
    json_pure (1.8.6)
    memory_profiler (1.0.1)
    method_source (1.0.0)
    minitest (5.18.0)
    pry (0.14.2)
      coderay (~> 1.1)
      method_source (~> 1.0)
    rspec (3.12.0)
      rspec-core (~> 3.12.0)
      rspec-expectations (~> 3.12.0)
      rspec-mocks (~> 3.12.0)
    rspec-benchmark (0.6.0)
      benchmark-malloc (~> 0.2)
      benchmark-perf (~> 0.6)
      benchmark-trend (~> 0.4)
      rspec (>= 3.0)
    rspec-core (3.12.1)
      rspec-support (~> 3.12.0)
    rspec-expectations (3.12.2)
      diff-lcs (>= 1.2.0, < 2.0)
      rspec-support (~> 3.12.0)
    rspec-mocks (3.12.3)
      diff-lcs (>= 1.2.0, < 2.0)
      rspec-support (~> 3.12.0)
    rspec-support (3.12.0)
    ruby-prof (1.6.1)
    stackprof (0.2.23)
    sync (0.5.0)

PLATFORMS
  x86_64-linux

DEPENDENCIES
  date
  json
  json-write-stream
  memory_profiler
  minitest
  pry
  rspec
  rspec-benchmark
  ruby-prof
  stackprof
  sync

RUBY VERSION
   ruby 3.1.0p0

BUNDLED WITH
   2.4.7
