GEM
  specs:
    byebug (11.1.3)
    memory_profiler (1.0.0)
    ruby-prof (1.4.3)

PLATFORMS
  x86_64-darwin-20

DEPENDENCIES
  byebug
  memory_profiler
  ruby-prof

RUBY VERSION
   ruby 2.7.3p183

BUNDLED WITH
   2.2.16
