GEM
  remote: https://rubygems.org/
  specs:
    ansi (1.5.0)
    builder (3.2.4)
    coderay (1.1.3)
    memory_profiler (1.0.0)
    method_source (1.0.0)
    minitest (5.14.4)
    minitest-reporters (1.4.3)
      ansi
      builder
      minitest (>= 5.0)
      ruby-progressbar
    pry (0.14.1)
      coderay (~> 1.1)
      method_source (~> 1.0)
    ruby-prof (1.4.3)
    ruby-progressbar (1.11.0)
    stackprof (0.2.17)

PLATFORMS
  ruby
  universal-darwin-18

DEPENDENCIES
  memory_profiler
  minitest
  minitest-reporters
  pry
  ruby-prof
  ruby-progressbar
  stackprof

RUBY VERSION
   ruby 2.7.0p0

BUNDLED WITH
   2.2.23
