GEM
  remote: https://rubygems.org/
  specs:
    benchmark (0.2.0)
    coderay (1.1.3)
    memory_profiler (1.0.0)
    method_source (1.0.0)
    pry (0.14.1)
      coderay (~> 1.1)
      method_source (~> 1.0)
    ruby-prof (1.4.3)
    stackprof (0.2.19)

PLATFORMS
  x86_64-darwin-21

DEPENDENCIES
  benchmark
  memory_profiler
  pry
  ruby-prof
  stackprof

BUNDLED WITH
   2.3.7
