GEM
  remote: https://rubygems.org/
  specs:
    coderay (1.1.2)
    json (2.2.0)
    memory_profiler (0.9.14)
    method_source (0.9.2)
    oj (3.9.0)
    pry (0.12.2)
      coderay (~> 1.1.0)
      method_source (~> 0.9.0)
    ruby-prof (1.0.0)
    stackprof (0.2.12)

PLATFORMS
  ruby

DEPENDENCIES
  json
  memory_profiler
  oj
  pry
  ruby-prof
  stackprof

BUNDLED WITH
   2.1.0.pre.1
