GEM
  remote: https://rubygems.org/
  specs:
    ast (2.4.2)
    benchmark-malloc (0.2.0)
    benchmark-perf (0.6.0)
    benchmark-trend (0.4.0)
    coderay (1.1.3)
    diff-lcs (1.4.4)
    memory_profiler (1.0.0)
    method_source (1.0.0)
    parallel (1.20.1)
    parser (3.0.1.0)
      ast (~> 2.4.1)
    pry (0.14.1)
      coderay (~> 1.1)
      method_source (~> 1.0)
    rainbow (3.0.0)
    rbtree (0.4.4)
    regexp_parser (2.1.1)
    rexml (3.2.5)
    rspec (3.10.0)
      rspec-core (~> 3.10.0)
      rspec-expectations (~> 3.10.0)
      rspec-mocks (~> 3.10.0)
    rspec-benchmark (0.6.0)
      benchmark-malloc (~> 0.2)
      benchmark-perf (~> 0.6)
      benchmark-trend (~> 0.4)
      rspec (>= 3.0)
    rspec-core (3.10.1)
      rspec-support (~> 3.10.0)
    rspec-expectations (3.10.1)
      diff-lcs (>= 1.2.0, < 2.0)
      rspec-support (~> 3.10.0)
    rspec-mocks (3.10.2)
      diff-lcs (>= 1.2.0, < 2.0)
      rspec-support (~> 3.10.0)
    rspec-support (3.10.2)
    rubocop (1.13.0)
      parallel (~> 1.10)
      parser (>= 3.0.0.0)
      rainbow (>= 2.2.2, < 4.0)
      regexp_parser (>= 1.8, < 3.0)
      rexml
      rubocop-ast (>= 1.2.0, < 2.0)
      ruby-progressbar (~> 1.7)
      unicode-display_width (>= 1.4.0, < 3.0)
    rubocop-ast (1.4.1)
      parser (>= 2.7.1.5)
    rubocop-performance (1.11.0)
      rubocop (>= 1.7.0, < 2.0)
      rubocop-ast (>= 0.4.0)
    rubocop-rspec (2.2.0)
      rubocop (~> 1.0)
      rubocop-ast (>= 1.1.0)
    ruby-prof (1.4.3)
    ruby-progressbar (1.11.0)
    set (1.0.1)
    sorted_set (1.0.3)
      rbtree
      set (~> 1.0)
    unicode-display_width (2.0.0)

PLATFORMS
  x86_64-linux

DEPENDENCIES
  memory_profiler
  pry
  rspec
  rspec-benchmark
  rubocop
  rubocop-performance
  rubocop-rspec
  ruby-prof
  sorted_set

RUBY VERSION
   ruby 3.0.1p64

BUNDLED WITH
   2.2.15
