GEM
  remote: https://rubygems.org/
  specs:
    coderay (1.1.2)
    date (2.0.0)
    json (2.2.0)
    method_source (0.9.2)
    minitest (5.11.3)
    oj (3.8.1)
    pry (0.12.2)
      coderay (~> 1.1.0)
      method_source (~> 0.9.0)
    ruby-prof (0.18.0)

PLATFORMS
  ruby

DEPENDENCIES
  date (~> 2.0)
  json (~> 2.2)
  minitest (~> 5.11)
  oj (~> 3.8)
  pry (~> 0.12.2)
  ruby-prof (~> 0.18)

BUNDLED WITH
   1.17.3
